GIT
  remote: https://github.com/ngiger/eclipse-plugin
  revision: 3304128c0deae0c1a5f8af5f7f621be5858d5395
  specs:
    eclipse-plugin (0.3)
      nokogiri
      rubyzip (< 1.0.0)

GIT
  remote: https://github.com/ngiger/elexis-wiki-interface
  revision: cd8b503be383515b931450e51a57c3cc8bc0a3af
  specs:
    elexis-wiki-interface (0.3)
      eclipse-plugin (>= 0.1)
      mediawiki-gateway
      rubyzip (< 1.0.0)
      unicode

GEM
  remote: https://rubygems.org/
  specs:
    mediawiki-gateway (1.0.0)
      rest-client (~> 1.7)
    mime-types (2.4.3)
    mini_portile (0.6.2)
    netrc (0.10.2)
    nokogiri (1.6.6.2)
      mini_portile (~> 0.6.0)
    rest-client (1.7.3)
      mime-types (>= 1.16, < 3.0)
      netrc (~> 0.7)
    rubyzip (0.9.9)
    unicode (0.4.4.2)

PLATFORMS
  ruby

DEPENDENCIES
  eclipse-plugin!
  elexis-wiki-interface!
